GEM
  remote: https://rubygems.org/
  specs:
    logbook-ruby (0.1.4)
      parslet (~> 1.8)
    parslet (1.8.1)

PLATFORMS
  ruby

DEPENDENCIES
  logbook-ruby

BUNDLED WITH
   1.15.4
